GEM
  remote: https://rubygems.org/
  specs:
    curb (0.9.3)
    pg (0.18.4)

PLATFORMS
  ruby

DEPENDENCIES
  curb
  pg

BUNDLED WITH
   1.13.1
